GEM
  remote: https://rubygems.org/
  specs:
    backports (3.10.3)
    coderay (1.1.2)
    daemons (1.2.4)
    eventmachine (1.2.5)
    ffi (1.9.18)
    method_source (0.9.0)
    multi_json (1.12.2)
    mustermann (1.0.1)
    natto (1.1.1)
      ffi (>= 1.9.0)
    pry (0.11.1)
      coderay (~> 1.1.0)
      method_source (~> 0.9.0)
    rack (2.0.3)
    rack-protection (2.0.0)
      rack
    rake (12.1.0)
    sinatra (2.0.0)
      mustermann (~> 1.0)
      rack (~> 2.0)
      rack-protection (= 2.0.0)
      tilt (~> 2.0)
    sinatra-contrib (2.0.0)
      backports (>= 2.0)
      multi_json
      mustermann (~> 1.0)
      rack-protection (= 2.0.0)
      sinatra (= 2.0.0)
      tilt (>= 1.3, < 3)
    slim (3.0.8)
      temple (>= 0.7.6, < 0.9)
      tilt (>= 1.3.3, < 2.1)
    temple (0.8.0)
    thin (1.7.2)
      daemons (~> 1.0, >= 1.0.9)
      eventmachine (~> 1.0, >= 1.0.4)
      rack (>= 1, < 3)
    tilt (2.0.8)

PLATFORMS
  ruby

DEPENDENCIES
  natto
  pry
  rake
  sinatra
  sinatra-contrib
  slim
  thin

BUNDLED WITH
   1.15.4
